GEM
  remote: http://rubygems.org/
  specs:
    diff-lcs (1.1.2)
    rack (1.2.2)
    rack-test (0.5.7)
      rack (>= 1.0)
    rspec (2.5.0)
      rspec-core (~> 2.5.0)
      rspec-expectations (~> 2.5.0)
      rspec-mocks (~> 2.5.0)
    rspec-core (2.5.1)
    rspec-expectations (2.5.0)
      diff-lcs (~> 1.1.2)
    rspec-mocks (2.5.0)
    sinatra (1.2.5)
      rack (~> 1.1)
      tilt (< 2.0, >= 1.2.2)
    slim (0.9.2)
      temple (~> 0.2.0)
      tilt (~> 1.2)
    temple (0.2.0)
    tilt (1.3)

PLATFORMS
  ruby

DEPENDENCIES
  rack-test
  rspec
  sinatra
  slim
